GEM
  remote: https://rubygems.org/
  specs:
    aruba (0.5.4)
      childprocess (>= 0.3.6)
      cucumber (>= 1.1.1)
      rspec-expectations (>= 2.7.0)
    builder (3.2.3)
    childprocess (0.8.0)
      ffi (~> 1.0, >= 1.0.11)
    cucumber (1.3.20)
      builder (>= 2.1.2)
      diff-lcs (>= 1.1.3)
      gherkin (~> 2.12)
      multi_json (>= 1.7.5, < 2.0)
      multi_test (>= 0.1.2)
    diff-lcs (1.3)
    ffi (1.9.18)
    gauntlt (1.0.12)
      aruba (= 0.5.4)
      cucumber (= 1.3.20)
      nokogiri (~> 1.6.5)
      trollop (~> 2.1.2)
    gherkin (2.12.2)
      multi_json (~> 1.3)
    mini_portile2 (2.1.0)
    multi_json (1.12.2)
    multi_test (0.1.2)
    nokogiri (1.6.8.1)
      mini_portile2 (~> 2.1.0)
    rspec-expectations (3.7.0)
      diff-lcs (>= 1.2.0, < 2.0)
      rspec-support (~> 3.7.0)
    rspec-support (3.7.0)
    trollop (2.1.2)

PLATFORMS
  ruby

DEPENDENCIES
  gauntlt

BUNDLED WITH
   1.16.0
